GIT
  remote: https://github.com/winton/stasis.git
  revision: 17861b1e10e55b0489d76071e4a3872937424df8
  specs:
    stasis (0.2.0.pre)
      directory_watcher (= 1.4.1)
      slop (= 3.3.2)
      tilt (= 1.3.3)

GEM
  remote: https://rubygems.org/
  specs:
    bourbon (2.1.1)
      sass (>= 3.1)
    coffee-script (2.2.0)
      coffee-script-source
      execjs
    coffee-script-source (1.3.3)
    directory_watcher (1.4.1)
    execjs (1.4.0)
      multi_json (~> 1.0)
    multi_json (1.3.6)
    rack (1.4.1)
    redcarpet (2.1.1)
    sass (3.1.20)
    slop (3.3.2)
    tilt (1.3.3)

PLATFORMS
  ruby

DEPENDENCIES
  bourbon (~> 2.1.1)
  coffee-script (~> 2.2.0)
  rack (~> 1.4.1)
  redcarpet (~> 2.1.0)
  sass (~> 3.1.20)
  stasis!
